GEM
  remote: https://rubygems.org/
  specs:
    execjs (2.0.2)
    front_end_tasks (0.1.0)
      jasmine (~> 2.0.0)
      jshintrb (~> 0.2.4)
      nokogiri (~> 1.6.1)
      thor (~> 0.19.1)
      uglifier (~> 2.5.0)
      webrick (~> 1.3.1)
      yui-compressor (~> 0.12.0)
    jasmine (2.0.0)
      jasmine-core (~> 2.0.0)
      phantomjs
      rack (>= 1.2.1)
      rake
    jasmine-core (2.0.0)
    jshintrb (0.2.4)
      execjs
      multi_json (>= 1.3)
      rake
    json (1.8.1)
    mini_portile (0.5.3)
    multi_json (1.9.2)
    nokogiri (1.6.1)
      mini_portile (~> 0.5.0)
    phantomjs (1.9.7.0)
    rack (1.5.2)
    rake (10.2.2)
    thor (0.19.1)
    uglifier (2.5.0)
      execjs (>= 0.3.0)
      json (>= 1.8.0)
    webrick (1.3.1)
    yui-compressor (0.12.0)

PLATFORMS
  ruby

DEPENDENCIES
  front_end_tasks (~> 0.1.0)
  rake (~> 10.1)
